GEM
  remote: http://rubygems.org/
  specs:
    json_pure (1.7.3)

PLATFORMS
  ruby

DEPENDENCIES
  json_pure
